PATH
  remote: .
  specs:
    chainpoint-ruby (0.1.0)
      json-schema
      msgpack
      sha3

GEM
  remote: https://rubygems.org/
  specs:
    addressable (2.7.0)
      public_suffix (>= 2.0.2, < 5.0)
    json-schema (2.8.1)
      addressable (>= 2.4)
    minitest (5.14.1)
    msgpack (1.3.3)
    public_suffix (4.0.5)
    rake (12.3.2)
    sha3 (1.0.1)

PLATFORMS
  ruby

DEPENDENCIES
  chainpoint-ruby!
  minitest (~> 5.0)
  rake (~> 12.0)

BUNDLED WITH
   2.1.4
