PATH
  remote: .
  specs:
    chainpoint-ruby (0.1.0)

GEM
  remote: https://rubygems.org/
  specs:
    minitest (5.14.1)
    rake (12.3.2)

PLATFORMS
  ruby

DEPENDENCIES
  chainpoint-ruby!
  minitest (~> 5.0)
  rake (~> 12.0)

BUNDLED WITH
   2.1.4
